GIT
  remote: git://github.com/Artesonraju/nerve.git
  revision: 238907637fc5ea0184a34398d7abd09ea9c34deb
  branch: kafka-watcher
  specs:
    nerve (0.5.4)
      bunny (= 1.1.0)
      etcd (~> 0.2.3)
      json
      poseidon (= 0.0.5)
      zk (~> 1.9.2)

GEM
  remote: https://rubygems.org/
  specs:
    amq-protocol (1.9.2)
    bunny (1.1.0)
      amq-protocol (>= 1.9.2)
    etcd (0.2.4)
      mixlib-log
    json (1.8.2)
    little-plugger (1.1.3)
    logging (1.8.2)
      little-plugger (>= 1.1.3)
      multi_json (>= 1.8.4)
    mixlib-log (1.6.0)
    multi_json (1.11.0)
    poseidon (0.0.5)
    zk (1.9.5)
      logging (~> 1.8.2)
      zookeeper (~> 1.4.0)
    zookeeper (1.4.10)

PLATFORMS
  ruby

DEPENDENCIES
  nerve!
